GEM
  remote: http://artifactory.vistaprint.net/api/gems/rubygems/
  specs:
    oauth (0.3.6)
      ruby-hmac (>= 0.3.1)
    ruby-hmac (0.4.0)

PLATFORMS
  ruby

DEPENDENCIES
  oauth (= 0.3.6)
